PATH
  remote: .
  specs:
    incentivale-sdk-ruby (1.0.1)
      awrence
      faraday
      json
      plissken
      recursive-open-struct

GEM
  remote: https://rubygems.org/
  specs:
    awrence (1.1.0)
    faraday (0.15.4)
      multipart-post (>= 1.2, < 3)
    json (2.1.0)
    multipart-post (2.0.0)
    plissken (1.3.0)
    rake (13.0.3)
    recursive-open-struct (1.1.0)

PLATFORMS
  ruby

DEPENDENCIES
  bundler (~> 1.16)
  incentivale-sdk-ruby!
  rake (~> 13.0)

BUNDLED WITH
   1.16.2
